GEM
  remote: https://rubygems.org/
  specs:
    activesupport (6.0.3.2)
      concurrent-ruby (~> 1.0, >= 1.0.2)
      i18n (>= 0.7, < 2)
      minitest (~> 5.1)
      tzinfo (~> 1.1)
      zeitwerk (~> 2.2, >= 2.2.2)
    ast (2.4.1)
    coderay (1.1.3)
    concurrent-ruby (1.1.6)
    diff-lcs (1.4.4)
    i18n (1.8.3)
      concurrent-ruby (~> 1.0)
    method_source (1.0.0)
    minitest (5.14.1)
    mry (0.78.0.0)
      rubocop (>= 0.41.0)
    parallel (1.19.2)
    parser (2.7.1.4)
      ast (~> 2.4.1)
    pry (0.13.1)
      coderay (~> 1.1)
      method_source (~> 1.0)
    rack (2.2.3)
    rainbow (3.0.0)
    rake (13.0.1)
    regexp_parser (1.7.1)
    rexml (3.2.4)
    rspec (3.9.0)
      rspec-core (~> 3.9.0)
      rspec-expectations (~> 3.9.0)
      rspec-mocks (~> 3.9.0)
    rspec-core (3.9.2)
      rspec-support (~> 3.9.3)
    rspec-expectations (3.9.2)
      diff-lcs (>= 1.2.0, < 2.0)
      rspec-support (~> 3.9.0)
    rspec-mocks (3.9.1)
      diff-lcs (>= 1.2.0, < 2.0)
      rspec-support (~> 3.9.0)
    rspec-support (3.9.3)
    rubocop (0.87.1)
      parallel (~> 1.10)
      parser (>= 2.7.1.1)
      rainbow (>= 2.2.2, < 4.0)
      regexp_parser (>= 1.7)
      rexml
      rubocop-ast (>= 0.1.0, < 1.0)
      ruby-progressbar (~> 1.7)
      unicode-display_width (>= 1.4.0, < 2.0)
    rubocop-ast (0.1.0)
      parser (>= 2.7.0.1)
    rubocop-i18n (2.0.2)
      rubocop (~> 0.51)
    rubocop-migrations (0.1.2)
      rubocop (~> 0.41)
    rubocop-minitest (0.9.0)
      rubocop (>= 0.74)
    rubocop-performance (1.7.0)
      rubocop (>= 0.82.0)
    rubocop-rails (2.6.0)
      activesupport (>= 4.2.0)
      rack (>= 1.1)
      rubocop (>= 0.82.0)
    rubocop-rake (0.5.1)
      rubocop
    rubocop-rspec (1.41.0)
      rubocop (>= 0.68.1)
    rubocop-thread_safety (0.4.1)
      rubocop (>= 0.51.0)
    ruby-progressbar (1.10.1)
    safe_yaml (1.0.5)
    test-prof (0.11.3)
    thread_safe (0.3.6)
    tzinfo (1.2.7)
      thread_safe (~> 0.1)
    unicode-display_width (1.7.0)
    zeitwerk (2.3.1)

PLATFORMS
  ruby

DEPENDENCIES
  activesupport
  mry
  parser
  pry
  rake
  rspec
  rubocop (= 0.87.1)
  rubocop-i18n
  rubocop-migrations
  rubocop-minitest
  rubocop-performance
  rubocop-rails
  rubocop-rake
  rubocop-rspec
  rubocop-thread_safety
  safe_yaml
  test-prof

BUNDLED WITH
   2.1.4
